PATH
  remote: .
  specs:
    sapoci (0.4.0)

GEM
  remote: http://rubygems.org/
  specs:
    json (1.8.6)
    rake (10.5.0)
    rdoc (3.12.2)
      json (~> 1.4)
    test-unit (2.5.5)

PLATFORMS
  ruby

DEPENDENCIES
  bundler (~> 2.0.1)
  rake (~> 10.4)
  rdoc (~> 3.12, >= 3.12.1)
  sapoci!
  test-unit (~> 2.3)

BUNDLED WITH
   2.0.1
