PATH
  remote: .
  specs:
    sapoci (0.5.1)
      nokogiri (~> 1.11.4)

GEM
  remote: http://rubygems.org/
  specs:
    mini_portile2 (2.5.1)
    nokogiri (1.11.4)
      mini_portile2 (~> 2.5.0)
      racc (~> 1.4)
    power_assert (2.0.0)
    racc (1.5.2)
    rake (13.0.3)
    rdoc (6.3.1)
    test-unit (3.3.9)
      power_assert

PLATFORMS
  ruby

DEPENDENCIES
  bundler (~> 2.2.17)
  rake (~> 13.0.3)
  rdoc (~> 6.3.1)
  sapoci!
  test-unit (~> 3.3.6)

BUNDLED WITH
   2.2.17
