PATH
  remote: .
  specs:
    sapoci (0.5.0)

GEM
  remote: http://rubygems.org/
  specs:
    power_assert (1.2.0)
    rake (13.0.1)
    rdoc (6.2.1)
    test-unit (3.3.6)
      power_assert

PLATFORMS
  ruby

DEPENDENCIES
  bundler (~> 2.1.4)
  rake (~> 13.0.1)
  rdoc (~> 6.2.1)
  sapoci!
  test-unit (~> 3.3.6)

BUNDLED WITH
   2.1.4
