PATH
  remote: .
  specs:
    sapoci (0.4.3)
      json (~> 2.3.0)

GEM
  remote: http://rubygems.org/
  specs:
    json (2.3.1)
    rake (12.3.3)
    test-unit (2.5.5)

PLATFORMS
  ruby

DEPENDENCIES
  bundler (~> 2.1.4)
  rake (~> 12.3.3)
  sapoci!
  test-unit (~> 2.3)

BUNDLED WITH
   2.1.4
